GEM
  remote: http://rubygems.org/
  specs:
    abstract (1.0.0)
    actionmailer (3.0.18)
      actionpack (= 3.0.18)
      mail (~> 2.2.19)
    actionpack (3.0.18)
      activemodel (= 3.0.18)
      activesupport (= 3.0.18)
      builder (~> 2.1.2)
      erubis (~> 2.6.6)
      i18n (~> 0.5.0)
      rack (~> 1.2.5)
      rack-mount (~> 0.6.14)
      rack-test (~> 0.5.7)
      tzinfo (~> 0.3.23)
    activemodel (3.0.18)
      activesupport (= 3.0.18)
      builder (~> 2.1.2)
      i18n (~> 0.5.0)
    activerecord (3.0.18)
      activemodel (= 3.0.18)
      activesupport (= 3.0.18)
      arel (~> 2.0.10)
      tzinfo (~> 0.3.23)
    activeresource (3.0.18)
      activemodel (= 3.0.18)
      activesupport (= 3.0.18)
    activesupport (3.0.18)
    annotated_models (3.0.2)
      activesupport
      annotated_models
      i18n
    arel (2.0.10)
    bcrypt-ruby (3.0.1)
    builder (2.1.2)
    cocaine (0.4.2)
    diff-lcs (1.1.3)
    erubis (2.6.6)
      abstract (>= 1.0.0)
    exifr (1.1.3)
    fastercsv (1.5.5)
    i18n (0.5.0)
    json (1.7.6)
    mail (2.2.19)
      activesupport (>= 2.3.6)
      i18n (>= 0.4.0)
      mime-types (~> 1.16)
      treetop (~> 1.4.8)
    mime-types (1.19)
    nokogiri (1.5.6)
    paperclip (2.8.0)
      activerecord (>= 2.3.0)
      activesupport (>= 2.3.2)
      cocaine (>= 0.0.2)
      mime-types
    polyglot (0.3.3)
    rack (1.2.5)
    rack-mount (0.6.14)
      rack (>= 1.0.0)
    rack-test (0.5.7)
      rack (>= 1.0)
    rails (3.0.18)
      actionmailer (= 3.0.18)
      actionpack (= 3.0.18)
      activerecord (= 3.0.18)
      activeresource (= 3.0.18)
      activesupport (= 3.0.18)
      bundler (~> 1.0)
      railties (= 3.0.18)
    railties (3.0.18)
      actionpack (= 3.0.18)
      activesupport (= 3.0.18)
      rake (>= 0.8.7)
      rdoc (~> 3.4)
      thor (~> 0.14.4)
    rake (10.0.3)
    rdoc (3.12)
      json (~> 1.4)
    render_inheritable (1.0.0)
      rails (~> 3.0)
    rspec (2.5.0)
      rspec-core (~> 2.5.0)
      rspec-expectations (~> 2.5.0)
      rspec-mocks (~> 2.5.0)
    rspec-core (2.5.2)
    rspec-expectations (2.5.0)
      diff-lcs (~> 1.1.2)
    rspec-mocks (2.5.0)
    rspec-rails (2.5.0)
      actionpack (~> 3.0)
      activesupport (~> 3.0)
      railties (~> 3.0)
      rspec (~> 2.5.0)
    sitemap_generator (3.4)
      builder
    sqlite3-ruby (1.3.2)
    thor (0.14.6)
    treetop (1.4.12)
      polyglot
      polyglot (>= 0.3.1)
    typus (3.0.12)
      bcrypt-ruby
      fastercsv (~> 1.5)
      rails (~> 3.0.9)
      render_inheritable
      will_paginate (~> 3.0.0)
    tzinfo (0.3.35)
    webrat (0.7.1)
      nokogiri (>= 1.2.0)
      rack (>= 1.0)
      rack-test (>= 0.5.3)
    will_paginate (3.0.3)

PLATFORMS
  ruby

DEPENDENCIES
  annotated_models
  exifr
  paperclip (~> 2.3)
  rails (= 3.0.18)
  rspec (= 2.5.0)
  rspec-rails (= 2.5.0)
  sitemap_generator
  sqlite3-ruby (= 1.3.2)
  typus
  webrat (= 0.7.1)
